PATH
  remote: .
  specs:
    gitbot (1.0.0)
      cinch (~> 1.0.0)
      json
      sinatra (~> 1.1.0)

GEM
  remote: http://rubygems.org/
  specs:
    cinch (1.0.2)
    json (1.4.6)
    rack (1.6.11)
    sinatra (1.1.0)
      rack (~> 1.1)
      tilt (~> 1.1)
    tilt (1.1)

PLATFORMS
  ruby

DEPENDENCIES
  bundler (~> 1.0.0)
  gitbot!
